GEM
  remote: https://rubygems.org/
  specs:
    amq-protocol (2.3.0)
    as-duration (0.1.1)
    bson (4.4.2)
    bunny (2.14.2)
      amq-protocol (~> 2.3, >= 2.3.0)
    coderay (1.1.0)
    concurrent-ruby (1.1.5)
    cuba (3.4.0)
      rack
    diff-lcs (1.2.5)
    irb (1.0.0)
    method_source (0.8.2)
    mina (0.3.7)
      open4 (~> 1.3.4)
      rake
    mina-puma (0.3.2)
      mina (< 1.0.0)
      puma (>= 2.13)
    mongo (2.8.0)
      bson (>= 4.4.2, < 5.0.0)
    open4 (1.3.4)
    pry (0.10.3)
      coderay (~> 1.1.0)
      method_source (~> 0.8.1)
      slop (~> 3.4)
    puma (3.12.1)
    rack (2.0.8)
    rack-test (0.6.3)
      rack (>= 1.0)
    rake (10.4.2)
    rspec (3.3.0)
      rspec-core (~> 3.3.0)
      rspec-expectations (~> 3.3.0)
      rspec-mocks (~> 3.3.0)
    rspec-core (3.3.2)
      rspec-support (~> 3.3.0)
    rspec-expectations (3.3.1)
      diff-lcs (>= 1.2.0, < 2.0)
      rspec-support (~> 3.3.0)
    rspec-mocks (3.3.2)
      diff-lcs (>= 1.2.0, < 2.0)
      rspec-support (~> 3.3.0)
    rspec-support (3.3.0)
    serverengine (2.0.7)
      sigdump (~> 0.2.2)
    shotgun (0.9.1)
      rack (>= 1.0)
    sigdump (0.2.4)
    slop (3.6.0)
    sneakers (2.11.0)
      bunny (~> 2.12)
      concurrent-ruby (~> 1.0)
      rake
      serverengine (~> 2.0.5)
      thor
    thor (0.20.3)
    timecop (0.9.1)

PLATFORMS
  ruby

DEPENDENCIES
  as-duration
  bunny
  cuba
  irb (~> 1.0)
  mina
  mina-puma
  mongo
  pry
  puma
  rack-test
  rspec
  shotgun
  sneakers
  timecop

BUNDLED WITH
   1.17.2
