GEM
  remote: https://rubygems.org/
  specs:
    coderay (1.1.0)
    cuba (3.4.0)
      rack
    diff-lcs (1.2.5)
    irb (1.0.0)
    method_source (0.8.2)
    mina (0.3.7)
      open4 (~> 1.3.4)
      rake
    open4 (1.3.4)
    pry (0.10.3)
      coderay (~> 1.1.0)
      method_source (~> 0.8.1)
      slop (~> 3.4)
    puma (3.12.1)
    rack (1.6.4)
    rack-test (0.6.3)
      rack (>= 1.0)
    rake (10.4.2)
    rspec (3.3.0)
      rspec-core (~> 3.3.0)
      rspec-expectations (~> 3.3.0)
      rspec-mocks (~> 3.3.0)
    rspec-core (3.3.2)
      rspec-support (~> 3.3.0)
    rspec-expectations (3.3.1)
      diff-lcs (>= 1.2.0, < 2.0)
      rspec-support (~> 3.3.0)
    rspec-mocks (3.3.2)
      diff-lcs (>= 1.2.0, < 2.0)
      rspec-support (~> 3.3.0)
    rspec-support (3.3.0)
    shotgun (0.9.1)
      rack (>= 1.0)
    slop (3.6.0)

PLATFORMS
  ruby

DEPENDENCIES
  cuba
  irb (~> 1.0)
  mina
  pry
  puma
  rack-test
  rspec
  shotgun

BUNDLED WITH
   1.17.2
